GEM
  remote: https://rubygems.org/
  specs:
    polyglot (0.3.5)
    treetop (1.6.10)
      polyglot (~> 0.3)

PLATFORMS
  ruby

DEPENDENCIES
  treetop

BUNDLED WITH
   1.16.1
